GEM
  remote: https://rubygems.org/
  specs:
    capistrano
      i18n
      rake
      sshkit
    capistrano-ext
      capistrano
    chunky_png
    colorize
    compass
      chunky_png
      compass-core
      compass-import-once
      rb-fsevent
      rb-inotify
      sass
    compass-core
      multi_json
      sass
    compass-import-once
      sass
    ffi
    highline
    i18n
    multi_json
    net-scp
      net-ssh
    net-ssh
    rake
    rb-fsevent
    rb-inotify
      ffi
    sass
    sshkit
      colorize
      net-scp
      net-ssh

PLATFORMS
  ruby

DEPENDENCIES
  capistrano
  capistrano-ext
  compass
  highline
