GEM
  remote: https://rubygems.org/
  specs:
    chunky_png
    colorize
    ffi
    i18n
    multi_json
    net-scp
      net-ssh
    net-ssh
    rake
    rb-fsevent
    rb-inotify
      ffi
    sass
    sshkit
      colorize
      net-scp
      net-ssh

PLATFORMS
  ruby

DEPENDENCIES
